GIT
  remote: git://github.com/kalasjocke/guard-jammit.git
  revision: 9ca9419caa9853a8d128d2fd62d1629fd1590107
  specs:
    guard-jammit (0.1.0)
      guard
      jammit

GIT
  remote: git://github.com/remiprev/annyong.git
  revision: debf82068559fb17ff5e22b288dc76b67d629cc7
  specs:
    annyong (0.3)
      rack (>= 1.1.0)

GEM
  remote: http://rubygems.org/
  specs:
    POpen4 (0.1.4)
      Platform (>= 0.4.0)
      open4
    Platform (0.4.0)
    archive-tar-minitar (0.5.2)
    columnize (0.3.5)
    growl_notify (0.0.3)
      rb-appscript
    guard (0.8.8)
      thor (~> 0.14.6)
    guard-haml (0.3.1)
      guard (>= 0.4)
      haml (>= 3.0)
    haml (3.1.4)
    jammit (0.6.5)
      yui-compressor (>= 0.9.3)
    linecache19 (0.5.12)
      ruby_core_source (>= 0.1.4)
    open4 (1.3.0)
    rack (1.3.5)
    rb-appscript (0.6.1)
    rb-fsevent (0.4.3.1)
    ruby-debug-base19 (0.11.25)
      columnize (>= 0.3.1)
      linecache19 (>= 0.5.11)
      ruby_core_source (>= 0.1.4)
    ruby-debug19 (0.11.6)
      columnize (>= 0.3.1)
      linecache19 (>= 0.5.11)
      ruby-debug-base19 (>= 0.11.19)
    ruby_core_source (0.1.5)
      archive-tar-minitar (>= 0.5.2)
    thor (0.14.6)
    yui-compressor (0.9.6)
      POpen4 (>= 0.1.4)

PLATFORMS
  ruby

DEPENDENCIES
  annyong!
  growl_notify
  guard
  guard-haml
  guard-jammit!
  jammit
  rb-fsevent
  ruby-debug19
